GIT
  remote: https://github.com/GSA-OCSIT/omniauth-myusa.git
  revision: 23088060156f7492dfc3ac1683652ed4a656f8fc
  specs:
    omniauth-myusa (0.0.3)
      omniauth (~> 1.0)
      omniauth-oauth2 (~> 1.0)

GIT
  remote: https://github.com/GUI/turbo-sprockets-rails3.git
  revision: 668f13b55dcf03e1dd083acf5afa54ea754bf85b
  specs:
    turbo-sprockets-rails3 (0.3.6)
      railties (> 3.2.8, < 4.0.0)
      sprockets (>= 2.0.0)

GIT
  remote: https://github.com/NREL/capistrano_nrel_ext.git
  revision: f76c31a8aba4d331d5d5c94c97c7a261d5e0fed7
  specs:
    capistrano_nrel_ext (0.3.0)
      artii
      capistrano
      chronic (>= 0.6.0)
      diffy
      erubis (>= 2.6.0)
      highline
      net-ssh (~> 2.4.0)
      tzinfo (>= 0.3.0)

GEM
  remote: https://rubygems.org/
  remote: https://rails-assets.org/
  specs:
    actionmailer (3.2.18)
      actionpack (= 3.2.18)
      mail (~> 2.5.4)
    actionpack (3.2.18)
      activemodel (= 3.2.18)
      activesupport (= 3.2.18)
      builder (~> 3.0.0)
      erubis (~> 2.7.0)
      journey (~> 1.0.4)
      rack (~> 1.4.5)
      rack-cache (~> 1.2)
      rack-test (~> 0.6.1)
      sprockets (~> 2.2.1)
    active_model_serializers (0.8.1)
      activemodel (>= 3.0)
    activemodel (3.2.18)
      activesupport (= 3.2.18)
      builder (~> 3.0.0)
    activerecord (3.2.18)
      activemodel (= 3.2.18)
      activesupport (= 3.2.18)
      arel (~> 3.0.2)
      tzinfo (~> 0.3.29)
    activeresource (3.2.18)
      activemodel (= 3.2.18)
      activesupport (= 3.2.18)
    activesupport (3.2.18)
      i18n (~> 0.6, >= 0.6.4)
      multi_json (~> 1.0)
    addressable (2.3.6)
    arel (3.0.3)
    artii (2.0.4)
    ast (1.1.0)
    atomic (1.1.16)
    atomic (1.1.16-java)
    awesome_print (1.2.0)
    babosa (0.3.11)
    barber (0.4.2)
      ember-source
      execjs
      handlebars-source
    bcrypt (3.1.7)
    bcrypt (3.1.7-java)
    blankslate (2.1.2.4)
    bootstrap-sass (2.3.2.2)
      sass (~> 3.2)
    builder (3.0.4)
    capistrano (2.15.5)
      highline
      net-scp (>= 1.0.0)
      net-sftp (>= 2.0.0)
      net-ssh (>= 2.0.14)
      net-ssh-gateway (>= 1.1.0)
    capistrano-ext (1.2.1)
      capistrano (>= 1.0.0)
    capybara (2.2.1)
      mime-types (>= 1.16)
      nokogiri (>= 1.3.3)
      rack (>= 1.0.0)
      rack-test (>= 0.5.4)
      xpath (~> 2.0)
    childprocess (0.5.1)
      ffi (~> 1.0, >= 1.0.11)
    chronic (0.10.2)
    chunky_png (1.3.0)
    client_side_validations (3.2.6)
    client_side_validations-simple_form (2.1.0)
      client_side_validations (~> 3.2.5)
      simple_form (~> 2.1.0)
    cliver (0.3.2)
    compass (0.12.4)
      chunky_png (~> 1.2)
      fssm (>= 0.2.7)
      sass (~> 3.2.17)
    compass-rails (1.1.7)
      compass (>= 0.12.2)
      sprockets (<= 2.11.0)
    countries (0.9.3)
      currencies (~> 0.4.2)
    coveralls (0.7.0)
      multi_json (~> 1.3)
      rest-client
      simplecov (>= 0.7)
      term-ansicolor
      thor
    crummy (1.8.0)
    css_parser (1.3.5)
      addressable
    csv_builder (2.1.1)
      actionpack (>= 3.0.0)
    currencies (0.4.2)
    daemons (1.1.9)
    database_cleaner (1.2.0)
    delayed_job (3.0.5)
      activesupport (~> 3.0)
    delayed_job_mongoid (2.0.0)
      delayed_job (~> 3.0)
      mongoid (~> 3.0)
    devise (3.2.4)
      bcrypt (~> 3.0)
      orm_adapter (~> 0.1)
      railties (>= 3.2.6, < 5)
      thread_safe (~> 0.1)
      warden (~> 1.2.3)
    diff-lcs (1.2.5)
    diffy (3.0.3)
    docile (1.1.3)
    dotenv (0.10.0)
    dotenv-rails (0.10.0)
      dotenv (= 0.10.0)
    edn (1.0.0)
      parslet (~> 1.4.0)
    ember-data-source (0.14)
      ember-source
    ember-rails (0.14.1)
      active_model_serializers
      barber (>= 0.4.1)
      ember-data-source
      ember-source
      execjs (>= 1.2)
      handlebars-source
      jquery-rails (>= 1.0.17)
      railties (>= 3.1)
    ember-source (1.4.0)
      handlebars-source (~> 1.0)
    erubis (2.7.0)
    excon (0.32.1)
    execjs (2.0.2)
    factory_girl (4.4.0)
      activesupport (>= 3.0.0)
    factory_girl_rails (4.4.1)
      factory_girl (~> 4.4.0)
      railties (>= 3.0.0)
    faraday (0.8.9)
      multipart-post (~> 1.2.0)
    faraday_middleware (0.9.0)
      faraday (>= 0.7.4, < 0.9)
    faraday_middleware-multi_json (0.0.5)
      faraday_middleware
      multi_json
    ffi (1.9.3)
    ffi (1.9.3-java)
    fssm (0.2.10)
    handlebars-source (1.3.0)
    hashie (2.0.5)
    highline (1.6.21)
    hike (1.2.3)
    htmlentities (4.3.1)
    i18n (0.6.9)
    journey (1.0.4)
    jquery-rails (3.1.0)
      railties (>= 3.0, < 5.0)
      thor (>= 0.14, < 2.0)
    jruby-pageant (1.1.1)
    jruby-pageant (1.1.1-java)
    json (1.8.1)
    json (1.8.1-java)
    jwt (0.1.11)
      multi_json (>= 1.5)
    kaminari (0.15.1)
      actionpack (>= 3.0.0)
      activesupport (>= 3.0.0)
    kaminari-bootstrap (0.1.3)
      kaminari (>= 0.13.0)
      rails
    kramdown (1.3.3)
    libv8 (3.16.14.3)
    mail (2.5.4)
      mime-types (~> 1.16)
      treetop (~> 1.4.8)
    mime-types (1.25.1)
    mini_portile (0.5.3)
    mongoid (3.1.6)
      activemodel (~> 3.2)
      moped (~> 1.4)
      origin (~> 1.0)
      tzinfo (~> 0.3.29)
    mongoid-embedded-errors (2.0.1)
      mongoid (>= 3.0.0)
    mongoid-tree (1.0.4)
      mongoid (>= 3.0, <= 4.0)
    mongoid_delorean (1.2.1)
      mongoid (>= 3.0.0)
    mongoid_orderable (4.1.0)
      mongoid
    mongoid_rails_migrations (1.0.1)
      activesupport (>= 3.2.0)
      bundler (>= 1.0.0)
      rails (>= 3.2.0)
      railties (>= 3.2.0)
    mongoid_userstamp (0.3.2)
      mongoid (>= 3.0.4)
    moped (1.5.2)
    multi_json (1.10.0)
    multi_xml (0.5.5)
    multipart-post (1.2.0)
    net-scp (1.0.4)
      net-ssh (>= 1.99.1)
    net-sftp (2.0.5)
      net-ssh (>= 2.0.9)
    net-ssh (2.4.0)
      jruby-pageant (>= 1.0.2)
    net-ssh-gateway (1.1.0)
      net-ssh (>= 1.99.1)
    nokogiri (1.6.1)
      mini_portile (~> 0.5.0)
    nokogiri (1.6.1-java)
      mini_portile (~> 0.5.0)
    oauth2 (0.9.3)
      faraday (>= 0.8, < 0.10)
      jwt (~> 0.1.8)
      multi_json (~> 1.3)
      multi_xml (~> 0.5)
      rack (~> 1.2)
    oily_png (1.1.1)
      chunky_png (~> 1.3.0)
    oj (2.6.1)
    omniauth (1.2.1)
      hashie (>= 1.2, < 3)
      rack (~> 1.0)
    omniauth-cas (1.0.4)
      addressable (~> 2.3)
      nokogiri (~> 1.6)
      omniauth (~> 1.1.0)
    omniauth-google-oauth2 (0.2.2)
      omniauth (~> 1.0)
      omniauth-oauth2
    omniauth-oauth2 (1.1.2)
      faraday (>= 0.8, < 0.10)
      multi_json (~> 1.3)
      oauth2 (~> 0.9.3)
      omniauth (~> 1.2)
    omniauth-persona (0.0.1)
      faraday
      multi_json
      omniauth (~> 1.0)
    origin (1.1.0)
    orm_adapter (0.5.0)
    parser (2.1.7)
      ast (~> 1.1)
      slop (~> 3.4, >= 3.4.5)
    parslet (1.4.0)
      blankslate (~> 2.0)
    poltergeist (1.5.0)
      capybara (~> 2.1)
      cliver (~> 0.3.1)
      multi_json (~> 1.0)
      websocket-driver (>= 0.2.0)
    polyglot (0.3.4)
    powerpack (0.0.9)
    premailer (1.8.2)
      css_parser (>= 1.3.5)
      htmlentities (>= 4.0.0)
    premailer-rails (1.7.0)
      actionmailer (>= 3, < 5)
      premailer (~> 1.7, >= 1.7.9)
    psych (2.0.4)
    rabl (0.9.3)
      activesupport (>= 2.3.14)
    rack (1.4.5)
    rack-cache (1.2)
      rack (>= 0.4)
    rack-ssl (1.3.4)
      rack
    rack-test (0.6.2)
      rack (>= 1.0)
    rack-timeout (0.0.4)
    rails (3.2.18)
      actionmailer (= 3.2.18)
      actionpack (= 3.2.18)
      activerecord (= 3.2.18)
      activeresource (= 3.2.18)
      activesupport (= 3.2.18)
      bundler (~> 1.0)
      railties (= 3.2.18)
    rails-assets-bootbox (3.3.0)
    rails-assets-bootstrap-daterangepicker (1.3.4)
      rails-assets-jquery (~> 1.10)
      rails-assets-momentjs (~> 2.5.1)
    rails-assets-ember (1.4.0)
      rails-assets-handlebars (>= 1.0.0, < 2.0.0)
      rails-assets-jquery (>= 1.7, <= 2.1)
    rails-assets-ember-model (0.0.11)
      rails-assets-ember (~> 1.0)
    rails-assets-handlebars (1.3.0)
    rails-assets-html5shiv (3.7.0)
    rails-assets-inflection (1.3.5)
    rails-assets-jquery (1.11.0)
    rails-assets-jquery-bbq-deparam (1.2.1)
    rails-assets-jstz-detect (1.0.5)
    rails-assets-livestampjs (1.1.2)
    rails-assets-lodash (2.4.1)
    rails-assets-microplugin (0.0.3)
    rails-assets-moment (2.5.1)
    rails-assets-momentjs (2.5.1)
    rails-assets-numeral (1.5.3)
    rails-assets-pnotify (1.3.1)
    rails-assets-qtip2 (2.2.0)
    rails-assets-selectize (0.9.0)
      rails-assets-jquery (>= 1.7.0)
      rails-assets-microplugin (~> 0.0.0)
      rails-assets-sifter (~> 0.3.0)
    rails-assets-sifter (0.3.3)
    rails-assets-spinjs (2.0.0)
    rails_config (0.3.3)
      activesupport (>= 3.0)
    railties (3.2.18)
      actionpack (= 3.2.18)
      activesupport (= 3.2.18)
      rack-ssl (~> 1.3.2)
      rake (>= 0.8.7)
      rdoc (~> 3.4)
      thor (>= 0.14.6, < 2.0)
    rainbow (2.0.0)
    rake (10.3.1)
    rdoc (3.12.2)
      json (~> 1.4)
    ref (1.0.5)
    rest-client (1.6.7)
      mime-types (>= 1.16)
    rspec (2.14.1)
      rspec-core (~> 2.14.0)
      rspec-expectations (~> 2.14.0)
      rspec-mocks (~> 2.14.0)
    rspec-core (2.14.8)
    rspec-expectations (2.14.5)
      diff-lcs (>= 1.1.3, < 2.0)
    rspec-html-matchers (0.5.0)
      nokogiri (~> 1)
      rspec (~> 2, >= 2.11.0)
    rspec-mocks (2.14.6)
    rspec-rails (2.14.2)
      actionpack (>= 3.0)
      activemodel (>= 3.0)
      activesupport (>= 3.0)
      railties (>= 3.0)
      rspec-core (~> 2.14.0)
      rspec-expectations (~> 2.14.0)
      rspec-mocks (~> 2.14.0)
    rubocop (0.19.1)
      json (>= 1.7.7, < 2)
      parser (~> 2.1.7)
      powerpack (~> 0.0.6)
      rainbow (>= 1.99.1, < 3.0)
      ruby-progressbar (~> 1.4)
    ruby-progressbar (1.4.2)
    safe_yaml (1.0.1)
    sass (3.2.18)
    sass-rails (3.2.6)
      railties (~> 3.2.0)
      sass (>= 3.1.10)
      tilt (~> 1.3)
    seed-fu (2.3.0)
      activerecord (>= 3.1, < 4.1)
      activesupport (>= 3.1, < 4.1)
    settingslogic (2.0.9)
    simple_form (2.1.1)
      actionpack (~> 3.0)
      activemodel (~> 3.0)
    simplecov (0.8.2)
      docile (~> 1.1.0)
      multi_json
      simplecov-html (~> 0.8.0)
    simplecov-html (0.8.0)
    slop (3.5.0)
    sprockets (2.2.2)
      hike (~> 1.2)
      multi_json (~> 1.0)
      rack (~> 1.0)
      tilt (~> 1.1, != 1.3.0)
    sprockets-urlrewriter (0.1.2)
      sprockets
    stretcher (1.21.1)
      excon (>= 0.16)
      faraday (~> 0.8)
      faraday_middleware (~> 0.9.0)
      faraday_middleware-multi_json (~> 0.0.5)
      hashie (>= 1.2.0)
      multi_json (>= 1.0)
    tabs_on_rails (2.2.0)
    term-ansicolor (1.3.0)
      tins (~> 1.0)
    therubyracer (0.12.1)
      libv8 (~> 3.16.14.0)
      ref
    thor (0.19.1)
    thread_safe (0.3.1)
      atomic (>= 1.1.7, < 2)
    thread_safe (0.3.1-java)
      atomic (>= 1.1.7, < 2)
    tilt (1.4.1)
    tins (1.0.1)
    torquebox (3.0.2)
      thor (>= 0.14.6)
      torquebox-cache (= 3.0.2)
      torquebox-configure (= 3.0.2)
      torquebox-core (= 3.0.2)
      torquebox-messaging (= 3.0.2)
      torquebox-naming (= 3.0.2)
      torquebox-rake-support (= 3.0.2)
      torquebox-security (= 3.0.2)
      torquebox-stomp (= 3.0.2)
      torquebox-transactions (= 3.0.2)
      torquebox-web (= 3.0.2)
    torquebox-cache (3.0.2-java)
      torquebox-core (= 3.0.2)
      torquebox-transactions (= 3.0.2)
    torquebox-configure (3.0.2-java)
      blankslate (= 2.1.2.4)
    torquebox-core (3.0.2-java)
      edn (= 1.0.0)
    torquebox-messaging (3.0.2-java)
      torquebox-core (= 3.0.2)
      torquebox-transactions (= 3.0.2)
    torquebox-naming (3.0.2-java)
      torquebox-core (= 3.0.2)
    torquebox-rake-support (3.0.2)
      rake (>= 0.8.7)
    torquebox-security (3.0.2-java)
      torquebox-core (= 3.0.2)
    torquebox-server (3.0.2-java)
      torquebox (= 3.0.2)
    torquebox-stomp (3.0.2)
      torquebox-core (= 3.0.2)
      torquebox-messaging (= 3.0.2)
    torquebox-transactions (3.0.2)
      torquebox-core (= 3.0.2)
    torquebox-web (3.0.2-java)
    treetop (1.4.15)
      polyglot
      polyglot (>= 0.3.1)
    tzinfo (0.3.39)
    uglifier (2.5.0)
      execjs (>= 0.3.0)
      json (>= 1.8.0)
    uuidtools (2.1.4)
    warden (1.2.3)
      rack (>= 1.0)
    websocket-driver (0.3.2)
    websocket-driver (0.3.2-java)
    xpath (2.0.0)
      nokogiri (~> 1.3)
    yajl-ruby (1.2.0)
    yard (0.8.7.4)

PLATFORMS
  java
  ruby

DEPENDENCIES
  awesome_print (~> 1.2.0)
  babosa (~> 0.3.11)
  bootstrap-sass (~> 2.3.2.2)
  capistrano (~> 2.15.5)
  capistrano-ext (~> 1.2.1)
  capistrano_nrel_ext!
  capybara (~> 2.2.1)
  childprocess (~> 0.5.1)
  client_side_validations (~> 3.2.6)
  client_side_validations-simple_form (~> 2.1.0)
  compass-rails (~> 1.1.7)
  countries (~> 0.9.3)
  coveralls (~> 0.7.0)
  crummy (~> 1.8.0)
  csv_builder (~> 2.1.1)
  daemons (~> 1.1.9)
  database_cleaner (~> 1.2.0)
  delayed_job_mongoid (~> 2.0.0)
  devise (~> 3.2.4)
  diffy (~> 3.0.3)
  dotenv-rails (~> 0.10.0)
  ember-rails (~> 0.14.1)
  ember-source (~> 1.4.0)
  factory_girl_rails (~> 4.4.1)
  jquery-rails (~> 3.1.0)
  kaminari (~> 0.15.1)
  kaminari-bootstrap (~> 0.1.3)
  kramdown (~> 1.3.3)
  mongoid (~> 3.1.6)
  mongoid-embedded-errors (~> 2.0.1)
  mongoid-tree (~> 1.0.4)
  mongoid_delorean (~> 1.2.1)
  mongoid_orderable (~> 4.1.0)
  mongoid_rails_migrations (~> 1.0.1)
  mongoid_userstamp (~> 0.3.2)
  nokogiri (~> 1.6.1)
  oily_png (~> 1.1.1)
  oj (~> 2.6.1)
  omniauth (~> 1.2.1)
  omniauth-cas (~> 1.0.4)
  omniauth-google-oauth2 (~> 0.2.2)
  omniauth-myusa!
  omniauth-persona (~> 0.0.1)
  poltergeist (~> 1.5.0)
  premailer-rails (~> 1.7.0)
  psych (~> 2.0.4)
  rabl (~> 0.9.3)
  rack-timeout (~> 0.0.4)
  rails (~> 3.2.18)
  rails-assets-bootbox (~> 3.3.0)
  rails-assets-bootstrap-daterangepicker (~> 1.3.4)
  rails-assets-ember-model (~> 0.0.11)
  rails-assets-html5shiv (~> 3.7.0)
  rails-assets-inflection (~> 1.3.5)
  rails-assets-jquery (~> 1.11.0)
  rails-assets-jquery-bbq-deparam (~> 1.2.1)
  rails-assets-jstz-detect (~> 1.0.5)
  rails-assets-livestampjs (~> 1.1.2)
  rails-assets-lodash (~> 2.4.1)
  rails-assets-moment (~> 2.5.1)
  rails-assets-numeral (~> 1.5.3)
  rails-assets-pnotify (~> 1.3.1)
  rails-assets-qtip2 (~> 2.2.0)
  rails-assets-selectize (~> 0.9.0)
  rails-assets-spinjs (~> 2.0.0)
  rails_config (~> 0.3.3)
  rspec-html-matchers (~> 0.5.0)
  rspec-rails (~> 2.14.2)
  rubocop (~> 0.19.1)
  safe_yaml (~> 1.0.1)
  sass-rails (~> 3.2.6)
  seed-fu (~> 2.3.0)
  settingslogic (~> 2.0.9)
  simple_form (~> 2.1.1)
  sprockets-urlrewriter (~> 0.1.2)
  stretcher (~> 1.21.1)
  tabs_on_rails (~> 2.2.0)
  therubyracer (~> 0.12.1)
  torquebox (~> 3.0.1)
  torquebox-server (~> 3.0.1)
  turbo-sprockets-rails3!
  uglifier (~> 2.5.0)
  uuidtools (~> 2.1.4)
  yajl-ruby (~> 1.2.0)
  yard (~> 0.8.7)
